PATH
  remote: .
  specs:
    hugeurl (0.0.8)

GEM
  remote: https://rubygems.org/
  specs:
    minitest (4.7.0)
    rake (10.0.4)

PLATFORMS
  java
  ruby

DEPENDENCIES
  bundler (~> 1.3)
  hugeurl!
  minitest
  rake
